PATH
  remote: .
  specs:
    locomotivecms_liquid_month_extensions (1.0.1)

GEM
  remote: http://rubygems.org/
  specs:
    activesupport (3.2.22.1)
      i18n (~> 0.6, >= 0.6.4)
      multi_json (~> 1.0)
    i18n (0.7.0)
    multi_json (1.11.2)

PLATFORMS
  ruby

DEPENDENCIES
  activesupport (~> 3)
  locomotivecms_liquid_month_extensions!

BUNDLED WITH
   1.11.2
